GEM
  remote: http://rubygems.org/
  specs:
    activesupport (3.2.2)
      i18n (~> 0.6)
      multi_json (~> 1.0)
    chronic (0.6.7)
    configatron (2.9.0)
      yamler (>= 0.1.0)
    eventmachine (0.12.10)
    i18n (0.6.0)
    metaclass (0.0.1)
    minitest (2.11.4)
    mocha (0.10.5)
      metaclass (~> 0.0.1)
    multi_json (1.1.0)
    rake (0.9.2.2)
    whenever (0.7.3)
      activesupport (>= 2.3.4)
      chronic (~> 0.6.3)
    yamler (0.1.0)

PLATFORMS
  ruby

DEPENDENCIES
  configatron
  eventmachine
  minitest
  mocha
  rake
  whenever
